GEM
  remote: https://rubygems.org/
  specs:
    childprocess (0.9.0)
      ffi (~> 1.0, >= 1.0.11)
    ffi (1.9.25-x86-mingw32)
    fxruby (1.6.39-x86-mingw32)
      mini_portile2 (~> 2.1)
    mini_portile2 (2.3.0)
    rake (12.3.1)
    rubyzip (1.2.2)
    selenium-webdriver (3.14.0)
      childprocess (~> 0.5)
      rubyzip (~> 1.2)
    watir (6.14.0)
      selenium-webdriver (~> 3.4, >= 3.4.1)
    win32-ipc (0.7.0)
      ffi
    win32-mutex (0.4.3)
      win32-ipc (>= 0.6.0)

PLATFORMS
  x86-mingw32

DEPENDENCIES
  bundler
  fxruby
  rake
  selenium-webdriver (~> 3.0)
  watir (~> 6.0)
  win32-mutex (~> 0.0)

RUBY VERSION
   ruby 2.4.1p111

BUNDLED WITH
   1.16.1
