GEM
  remote: https://rubygems.org/
  specs:
    childprocess (0.7.0)
      ffi (~> 1.0, >= 1.0.11)
    ffi (1.9.18-x86-mingw32)
    rake (12.0.0)
    rubyzip (1.2.1)
    selenium-webdriver (3.4.0)
      childprocess (~> 0.5)
      rubyzip (~> 1.0)
      websocket (~> 1.0)
    watir (6.4.2)
      selenium-webdriver (~> 3.0)
    websocket (1.2.4)

PLATFORMS
  x86-mingw32

DEPENDENCIES
  bundler
  rake
  watir (= 6.4.2)

RUBY VERSION
   ruby 2.4.1p111

BUNDLED WITH
   1.15.1
