GEM
  remote: https://rubygems.org/
  specs:
    childprocess (0.5.9)
      ffi (~> 1.0, >= 1.0.11)
    ffi (1.9.14-x86-mingw32)
    rake (11.2.2)
    rubyzip (1.2.0)
    selenium-webdriver (3.0.5)
      childprocess (~> 0.5)
      rubyzip (~> 1.0)
      websocket (~> 1.0)
    watir (6.1.0)
      selenium-webdriver (~> 3.0)
    websocket (1.2.3)

PLATFORMS
  x86-mingw32

DEPENDENCIES
  bundler (= 1.14.0.pre.1)
  rake
  watir (= 6.1.0)

RUBY VERSION
   ruby 2.3.1p112

BUNDLED WITH
   1.14.0.pre.1
